PATH
  remote: /home/sam/Source/MiniProfiler
  specs:
    rack-mini-profiler (0.1.31)
      rack (>= 1.1.3)

GEM
  remote: http://rubygems.org/
  specs:
    ZenTest (4.9.3)
    activemodel (3.2.14)
      activesupport (= 3.2.14)
      builder (~> 3.0.0)
    activerecord (3.2.14)
      activemodel (= 3.2.14)
      activesupport (= 3.2.14)
      arel (~> 3.0.2)
      tzinfo (~> 0.3.29)
    activesupport (3.2.14)
      i18n (~> 0.6, >= 0.6.4)
      multi_json (~> 1.0)
    arel (3.0.2)
    autotest (4.4.6)
      ZenTest (>= 4.4.1)
    builder (3.0.4)
    commonjs (0.2.7)
    dalli (2.6.4)
    diff-lcs (1.2.4)
    fast_stack (0.0.5)
      rake
      rake-compiler
    flamegraph (0.0.2)
      fast_stack
    i18n (0.6.5)
    less (2.4.0)
      commonjs (~> 0.2.7)
    libv8 (3.16.14.3)
    multi_json (1.8.0)
    rack (1.5.2)
    rack-test (0.6.2)
      rack (>= 1.0)
    rake (10.1.0)
    rake-compiler (0.9.1)
      rake
    redis (3.0.4)
    ref (1.0.5)
    rspec (2.14.1)
      rspec-core (~> 2.14.0)
      rspec-expectations (~> 2.14.0)
      rspec-mocks (~> 2.14.0)
    rspec-core (2.14.5)
    rspec-expectations (2.14.2)
      diff-lcs (>= 1.1.3, < 2.0)
    rspec-mocks (2.14.3)
    therubyracer (0.12.0)
      libv8 (~> 3.16.14.0)
      ref
    tzinfo (0.3.37)

PLATFORMS
  ruby

DEPENDENCIES
  ZenTest
  activerecord (~> 3.0)
  autotest
  dalli
  flamegraph
  less
  rack
  rack-mini-profiler!
  rack-test
  rake
  redis
  rspec
  therubyracer
